GEM
  remote: https://rubygems.org/
  specs:
    diff-lcs (1.4.4)
    ffi (1.13.1)
    libusb (0.6.4)
      ffi (~> 1.0)
      mini_portile2 (~> 2.1)
    mini_portile2 (2.5.0)
    plist (3.5.0)
    rake (13.0.1)
    rspec (3.9.0)
      rspec-core (~> 3.9.0)
      rspec-expectations (~> 3.9.0)
      rspec-mocks (~> 3.9.0)
    rspec-core (3.9.2)
      rspec-support (~> 3.9.3)
    rspec-expectations (3.9.2)
      diff-lcs (>= 1.2.0, < 2.0)
      rspec-support (~> 3.9.0)
    rspec-mocks (3.9.1)
      diff-lcs (>= 1.2.0, < 2.0)
      rspec-support (~> 3.9.0)
    rspec-support (3.9.3)

PLATFORMS
  ruby

DEPENDENCIES
  libusb
  plist
  rake
  rspec

BUNDLED WITH
   2.1.4
